GEM
  remote: https://rubygems.org/
  specs:
    rack (2.2.8)
    webrick (1.8.1)

PLATFORMS
  arm64-darwin-22
  ruby

DEPENDENCIES
  rack
  webrick (~> 1.8)

BUNDLED WITH
   2.5.5
